GIT
  remote: https://github.com/joeldrapper/rubocop.git
  revision: 8d3c1a7dd04a0dee701e26ee506b28af0ffe3b98
  branch: rubocop-user-agent
  specs:
    rubocop (1.36.0)
      json (~> 2.3)
      parallel (~> 1.10)
      parser (>= 3.1.2.1)
      rainbow (>= 2.2.2, < 4.0)
      regexp_parser (>= 1.8, < 3.0)
      rexml (>= 3.2.5, < 4.0)
      rubocop-ast (>= 1.20.1, < 2.0)
      ruby-progressbar (~> 1.7)
      unicode-display_width (>= 1.4.0, < 3.0)

PATH
  remote: .
  specs:
    phlexing (0.3.0)
      erb_parser (~> 0.0.2)
      html_press (~> 0.8.2)
      nokogiri (~> 1.0)
      phlex (~> 1.1)
      syntax_tree (~> 5.2)

GEM
  remote: https://rubygems.org/
  specs:
    ast (2.4.2)
    css_press (0.3.2)
      csspool-st (= 3.1.2)
      json
    csspool-st (3.1.2)
    erb_parser (0.0.2)
      treetop
    execjs (2.8.1)
    html_press (0.8.2)
      htmlentities
      multi_css (>= 0.1.0)
      multi_js (>= 0.1.0)
    htmlentities (4.3.4)
    json (2.6.2)
    maxitest (4.4.0)
      minitest (>= 5.0.0, < 5.18.0)
    minitest (5.16.3)
    multi_css (0.1.0)
      css_press
    multi_js (0.1.0)
      uglifier (~> 2)
    nokogiri (1.14.0-x86_64-darwin)
      racc (~> 1.4)
    nokogiri (1.14.0-x86_64-linux)
      racc (~> 1.4)
    parallel (1.22.1)
    parser (3.2.0.0)
      ast (~> 2.4.1)
    phlex (1.1.0)
      zeitwerk (~> 2.6)
    polyglot (0.3.5)
    prettier_print (1.2.0)
    racc (1.6.2)
    rainbow (3.1.1)
    rake (13.0.6)
    regexp_parser (2.6.2)
    rexml (3.2.5)
    rubocop-ast (1.24.1)
      parser (>= 3.1.1.0)
    ruby-progressbar (1.11.0)
    syntax_tree (5.2.0)
      prettier_print (>= 1.2.0)
    treetop (1.6.12)
      polyglot (~> 0.3)
    uglifier (2.7.2)
      execjs (>= 0.3.0)
      json (>= 1.8.0)
    unicode-display_width (2.4.2)
    zeitwerk (2.6.6)

PLATFORMS
  x86_64-darwin-19
  x86_64-linux

DEPENDENCIES
  maxitest (~> 4.4)
  minitest (~> 5.0)
  phlexing!
  rake (~> 13.0)
  rubocop!

BUNDLED WITH
   2.3.22
